GIT
  remote: https://github.com/criticaljuncture/klarlack.git
  revision: f4c9706cd542046e7e37a4872b3a272b57cbb31b
  ref: f4c9706cd542046e7e37a4872b3a272b57cbb31b
  specs:
    klarlack (0.0.7)

GIT
  remote: https://github.com/criticaljuncture/sendgrid.git
  revision: 87d532bff3ab83ac5e842177a7b1fdaae39681b0
  branch: master
  specs:
    sendgrid (0.1.5)

GIT
  remote: https://github.com/fredwu/app_config.git
  revision: efce678826ea465b30d67357b9f6562bc9a871c0
  branch: master
  specs:
    app_config (1.3.2)

GIT
  remote: https://github.com/henrik/resque-honeybadger.git
  revision: 832be87662840d44e73f66c006796da8ed6250e2
  ref: 832be87662840d44e73f66c006796da8ed6250e2
  specs:
    resque-honeybadger (1.0.2)
      honeybadger
      resque (>= 1.8.0)

GIT
  remote: https://github.com/makandra/rails.git
  revision: f59e93f9ba6a275c715e2ad24d100422f9aee5cf
  branch: 2-3-lts
  specs:
    actionmailer (2.3.18.17)
      actionpack (= 2.3.18.17)
    actionpack (2.3.18.17)
      activesupport (= 2.3.18.17)
      rack (< 1.5)
    activerecord (2.3.18.17)
      activesupport (= 2.3.18.17)
    activeresource (2.3.18.17)
      activesupport (= 2.3.18.17)
    activesupport (2.3.18.17)
    rails (2.3.18.17)
      actionmailer (= 2.3.18.17)
      actionpack (= 2.3.18.17)
      activerecord (= 2.3.18.17)
      activeresource (= 2.3.18.17)
      activesupport (= 2.3.18.17)
      railslts-version (= 2.3.18.17)
      railties (= 2.3.18.17)
    railslts-version (2.3.18.17)
    railties (2.3.18.17)
      actionpack (= 2.3.18.17)
      activesupport (= 2.3.18.17)
      rake (>= 0.8.3, < 11)

GIT
  remote: https://github.com/postmodern/ffi-hunspell.git
  revision: 91516637fdff9cef9bae66aefdd89e1b4a8b5831
  ref: 91516637fdff9cef9bae66aefdd89e1b4a8b5831
  specs:
    ffi-hunspell (0.3.0)
      ffi (~> 1.0)

GEM
  remote: https://rubygems.org/
  specs:
    CFPropertyList (2.3.2)
    Platform (0.4.0)
    active_hash (0.9.5)
      activesupport (>= 2.2.2)
    after_commit (1.0.11)
      activerecord (>= 1.15.6, < 3.0.0)
    amatch (0.2.11)
      tins (~> 0.3)
    amazon-ec2 (0.9.15)
      xml-simple (>= 1.0.12)
    american_date (1.1.0)
    ast (2.0.0)
    astrolabe (1.3.0)
      parser (>= 2.2.0.pre.3, < 3.0)
    authlogic (2.1.3)
      activesupport
    aws-s3 (0.6.2)
      builder
      mime-types
      xml-simple
    aws-sdk (1.6.9)
      httparty (~> 0.7)
      json (~> 1.4)
      nokogiri (>= 1.4.4)
      uuidtools (~> 2.1)
    backports (3.6.8)
    bcrypt-ruby (2.1.2)
    builder (3.1.4)
    capistrano (2.15.4)
      highline
      net-scp (>= 1.0.0)
      net-sftp (>= 2.0.0)
      net-ssh (>= 2.0.14)
      net-ssh-gateway (>= 1.1.0)
    chunky_png (0.9.0)
    ci_reporter (1.6.3)
      builder (>= 2.1.2)
    cmdparse (2.0.5)
    cocaine (0.4.2)
    coderay (1.1.0)
    compass (0.10.1)
      haml (>= 3.0.4)
    compass-960-plugin (0.9.13)
      compass (>= 0.10.0.rc3)
    cucumber (1.2.1)
      builder (>= 2.1.2)
      diff-lcs (>= 1.1.3)
      gherkin (~> 2.11.0)
      json (>= 1.4.6)
    curb (0.9.0)
    diff-lcs (1.1.3)
    diffy (3.0.7)
    ethon (0.8.1)
      ffi (>= 1.3.0)
    excon (0.45.4)
    factory_girl (1.2.4)
    fakeweb (1.3.0)
    faraday (0.9.2)
      multipart-post (>= 1.2, < 3)
    fastercsv (1.4.0)
    ffi (1.9.6)
    fission (0.5.0)
      CFPropertyList (~> 2.2)
    fog (1.34.0)
      fog-atmos
      fog-aws (>= 0.6.0)
      fog-brightbox (~> 0.4)
      fog-core (~> 1.32)
      fog-dynect (~> 0.0.2)
      fog-ecloud (~> 0.1)
      fog-google (>= 0.0.2)
      fog-json
      fog-local
      fog-powerdns (>= 0.1.1)
      fog-profitbricks
      fog-radosgw (>= 0.0.2)
      fog-riakcs
      fog-sakuracloud (>= 0.0.4)
      fog-serverlove
      fog-softlayer
      fog-storm_on_demand
      fog-terremark
      fog-vmfusion
      fog-voxel
      fog-xml (~> 0.1.1)
      ipaddress (~> 0.5)
      nokogiri (~> 1.5, >= 1.5.11)
    fog-atmos (0.1.0)
      fog-core
      fog-xml
    fog-aws (0.7.6)
      fog-core (~> 1.27)
      fog-json (~> 1.0)
      fog-xml (~> 0.1)
      ipaddress (~> 0.8)
    fog-brightbox (0.9.0)
      fog-core (~> 1.22)
      fog-json
      inflecto (~> 0.0.2)
    fog-core (1.32.1)
      builder
      excon (~> 0.45)
      formatador (~> 0.2)
      mime-types
      net-scp (~> 1.1)
      net-ssh (>= 2.1.3)
    fog-dynect (0.0.2)
      fog-core
      fog-json
      fog-xml
    fog-ecloud (0.3.0)
      fog-core
      fog-xml
    fog-google (0.1.0)
      fog-core
      fog-json
      fog-xml
    fog-json (1.0.1)
      fog-core (~> 1.0)
      multi_json (~> 1.0)
    fog-local (0.2.1)
      fog-core (~> 1.27)
    fog-powerdns (0.1.1)
      fog-core (~> 1.27)
      fog-json (~> 1.0)
      fog-xml (~> 0.1)
    fog-profitbricks (0.0.5)
      fog-core
      fog-xml
      nokogiri
    fog-radosgw (0.0.4)
      fog-core (>= 1.21.0)
      fog-json
      fog-xml (>= 0.0.1)
    fog-riakcs (0.1.0)
      fog-core
      fog-json
      fog-xml
    fog-sakuracloud (1.3.3)
      fog-core
      fog-json
    fog-serverlove (0.1.2)
      fog-core
      fog-json
    fog-softlayer (1.0.1)
      fog-core
      fog-json
    fog-storm_on_demand (0.1.1)
      fog-core
      fog-json
    fog-terremark (0.1.0)
      fog-core
      fog-xml
    fog-vmfusion (0.1.0)
      fission
      fog-core
    fog-voxel (0.1.0)
      fog-core
      fog-xml
    fog-xml (0.1.2)
      fog-core
      nokogiri (~> 1.5, >= 1.5.11)
    formatador (0.2.5)
    formtastic (0.9.8)
      actionpack (>= 2.3.0)
      activesupport (>= 2.3.0)
    geokit (1.10.0)
    gherkin (2.11.5)
      json (>= 1.4.6)
    git (1.2.8)
    haml (3.0.4)
    highline (1.6.21)
    hoe (3.14.2)
      rake (>= 0.8, < 11.0)
    honeybadger (1.10.1)
      json
    httmultiparty (0.3.13)
      httparty (>= 0.7.3)
      mimemagic
      multipart-post
    http_headers (0.0.2.3)
    httparty (0.11.0)
      multi_json (~> 1.0)
      multi_xml (>= 0.5.2)
    icalendar (1.1.5)
    indefinite_article (0.2.0)
      activesupport
    inflecto (0.0.2)
    ipaddress (0.8.0)
    jeweler (1.8.4)
      bundler (~> 1.0)
      git (>= 1.2.5)
      rake
      rdoc
    jrails (0.6.0)
    json (1.7.7)
    juicer (1.0.6)
      cmdparse
      nokogiri
      rubyzip
    lemonade (0.3.2)
      chunky_png (>= 0.7.3)
      compass (>= 0.10.0)
      haml (>= 3.0.0)
    mechanize (1.0.0)
      nokogiri (>= 1.2.1)
    method_source (0.8.2)
    mime-types (1.25.1)
    mimemagic (0.2.1)
    mini_portile (0.5.3)
    mocha (0.9.8)
      rake
    mock_redis (0.16.1)
    modularity (0.6.1)
    multi_json (1.12.1)
    multi_xml (0.5.5)
    multipart-post (2.0.0)
    mysql2 (0.2.24)
    net-scp (1.1.0)
      net-ssh (>= 2.6.5)
    net-sftp (2.1.2)
      net-ssh (>= 2.6.5)
    net-ssh (2.9.1)
    net-ssh-gateway (1.2.0)
      net-ssh (>= 2.6.5)
    nokogiri (1.6.0)
      mini_portile (~> 0.5.0)
    open4 (1.3.4)
    paperclip (2.8.0)
      activerecord (>= 2.3.0)
      activesupport (>= 2.3.2)
      cocaine (>= 0.0.2)
      mime-types
    parser (2.2.0.2)
      ast (>= 1.1, < 3.0)
    passenger (5.1.11)
      rack
      rake (>= 0.8.1)
    pdfkit (0.5.2)
    popen4 (0.1.2)
      Platform (>= 0.4.0)
      open4 (>= 0.4.0)
    powerpack (0.0.9)
    pry (0.9.12.4)
      coderay (~> 1.0)
      method_source (~> 0.8)
      slop (~> 3.4)
    pry-remote (0.1.8)
      pry (~> 0.9)
      slop (~> 3.0)
    rack (1.4.7)
    rack-test (0.5.6)
      rack (>= 1.0)
    rainbow (2.0.0)
    rake (10.5.0)
    rdoc (3.12)
      json (~> 1.4)
    recaptcha (0.3.1)
    redis (2.2.2)
    redis-namespace (1.0.4)
      redis (< 3.0.0)
    resque (1.20.0)
      multi_json (~> 1.0)
      redis-namespace (~> 1.0.2)
      sinatra (>= 0.9.2)
      vegas (~> 0.1.2)
    riddle (2.2.2)
    rspec (1.3.2)
    rspec-rails (1.3.4)
      rack (>= 1.0.0)
      rspec (~> 1.3.1)
    rubocop (0.28.0)
      astrolabe (~> 1.3)
      parser (>= 2.2.0.pre.7, < 3.0)
      powerpack (~> 0.0.6)
      rainbow (>= 1.99.1, < 3.0)
      ruby-progressbar (~> 1.4)
    ruby-progressbar (1.7.1)
    rubyzip (1.1.7)
    rvm-capistrano (1.5.4)
      capistrano (~> 2.15.4)
    searchlogic (2.4.12)
      activerecord (>= 2.0.0)
    shoulda (2.10.3)
    sinatra (1.2.9)
      backports
      rack (~> 1.1, < 1.5)
      tilt (>= 1.2.2, < 2.0)
    slop (3.4.7)
    stevedore (0.2.0)
    system_timer (1.2.4)
    test-unit (1.2.3)
      hoe (>= 1.5.1)
    thinking-sphinx (1.4.14)
      activerecord (>= 1.15.6, < 3.0.0)
      after_commit (>= 1.0.7)
      riddle (>= 1.5.3)
    thunder_punch (0.1.3)
      capistrano (>= 2.5.5)
      jeweler
    tilt (1.4.1)
    timecop (0.6.1)
    tins (0.8.0)
    titleize (1.3.0)
    typhoeus (1.0.1)
      ethon (>= 0.8.0)
    uuidtools (2.1.5)
    validation_reflection (0.3.8)
    vcr (2.6.0)
    vegas (0.1.11)
      rack (>= 1.0.0)
    webrat (0.7.1)
      nokogiri (>= 1.2.0)
      rack (>= 1.0)
      rack-test (>= 0.5.3)
    will_paginate (2.3.14)
    xml-simple (1.0.12)
    ym4r (0.6.1)
    zip-zip (0.3)
      rubyzip (>= 1.0.0)

PLATFORMS
  ruby

DEPENDENCIES
  active_hash (= 0.9.5)
  amatch (= 0.2.11)
  amazon-ec2
  american_date
  app_config (= 1.3.2)!
  authlogic (= 2.1.3)
  aws-s3 (= 0.6.2)
  aws-sdk (~> 1.6.9)
  bcrypt-ruby (= 2.1.2)
  capistrano (= 2.15.4)
  ci_reporter (= 1.6.3)
  cocaine
  compass (= 0.10.1)
  compass-960-plugin (= 0.9.13)
  cucumber
  curb (= 0.9.0)
  diffy
  factory_girl (= 1.2.4)
  fakeweb
  faraday (~> 0.9.2)
  fastercsv (= 1.4.0)
  ffi-hunspell!
  fog
  fog-google (= 0.1.0)
  formtastic (= 0.9.8)
  geokit (= 1.10.0)
  haml (= 3.0.4)
  hoe
  honeybadger
  httmultiparty (~> 0.3.13)
  http_headers (= 0.0.2.3)
  httparty
  icalendar
  indefinite_article
  jrails (= 0.6.0)
  json (= 1.7.7)
  juicer (= 1.0.6)
  klarlack (= 0.0.7)!
  lemonade (= 0.3.2)
  mechanize (= 1.0.0)
  mime-types (~> 1.25, >= 1.25.1)
  mocha (= 0.9.8)
  mock_redis
  modularity (= 0.6.1)
  mysql2 (= 0.2.24)
  net-scp (= 1.1.0)
  net-sftp
  net-ssh (= 2.9.1)
  nokogiri (= 1.6.0)
  paperclip (~> 2.8)
  passenger (= 5.1.11)
  pdfkit (= 0.5.2)
  popen4
  pry
  pry-remote
  rack (= 1.4.7)
  rails!
  rake (= 10.5.0)
  rdoc
  recaptcha (= 0.3.1)
  resque (= 1.20.0)
  resque-honeybadger!
  rspec
  rspec-rails (= 1.3.4)
  rubocop
  rubyzip (>= 1.1.7)
  rvm-capistrano (~> 1.5.4)
  searchlogic (= 2.4.12)
  sendgrid!
  shoulda (= 2.10.3)
  stevedore (= 0.2.0)
  system_timer (= 1.2.4)
  test-unit (= 1.2.3)
  thinking-sphinx (= 1.4.14)
  thunder_punch (= 0.1.3)
  timecop
  titleize
  typhoeus (~> 1.0, >= 1.0.1)
  validation_reflection (= 0.3.8)
  vcr
  webrat (= 0.7.1)
  will_paginate (= 2.3.14)
  ym4r (= 0.6.1)
  zip-zip

BUNDLED WITH
   1.14.2
