GEM
  remote: http://rubygems.org/
  remote: http://gems.github.com/
  specs:
    actionmailer (2.3.8)
      actionpack (= 2.3.8)
    actionpack (2.3.8)
      activesupport (= 2.3.8)
      rack (~> 1.1.0)
    active_hash (0.7.9)
      activesupport (>= 2.2.2)
    activerecord (2.3.8)
      activesupport (= 2.3.8)
    activeresource (2.3.8)
      activesupport (= 2.3.8)
    activesupport (2.3.8)
    after_commit (1.0.8)
      activerecord (< 3.0.0)
    amatch (0.2.3)
    amazon-ec2 (0.9.15)
      xml-simple (>= 1.0.12)
    authlogic (2.1.3)
      activesupport
    aws-s3 (0.6.2)
      builder
      mime-types
      xml-simple
    bcrypt-ruby (2.1.2)
    builder (2.1.2)
    capistrano (2.5.19)
      highline
      net-scp (>= 1.0.0)
      net-sftp (>= 2.0.0)
      net-ssh (>= 2.0.14)
      net-ssh-gateway (>= 1.0.0)
    chunky_png (0.9.0)
    ci_reporter (1.6.3)
      builder (>= 2.1.2)
    compass (0.10.1)
      haml (>= 3.0.4)
    compass-960-plugin (0.9.13)
      compass (>= 0.10.0.rc3)
    cucumber (0.9.2)
      builder (~> 2.1.2)
      diff-lcs (~> 1.1.2)
      gherkin (~> 2.2.5)
      json (~> 1.4.6)
      term-ansicolor (~> 1.0.5)
    curb (0.4.4.0)
    diff-lcs (1.1.2)
    factory_girl (1.2.4)
    fastercsv (1.4.0)
    flickraw (0.8.1)
      json (>= 1.1.1)
    floehopper-mocha (0.9.7.20090701124354)
      rake
    formtastic (0.9.8)
      actionpack (>= 2.3.0)
      activesupport (>= 2.3.0)
    geokit (1.4.1)
    gherkin (2.2.8)
      json (~> 1.4.6)
      term-ansicolor (~> 1.0.5)
    haml (3.0.4)
    highline (1.6.1)
    hoptoad_notifier (2.1.3)
      activesupport
    icalendar (1.1.5)
    jgre-monkeyspecdoc (0.9.5)
    json (1.4.6)
    klarlack (0.0.6)
    lemonade (0.3.2)
      chunky_png (>= 0.7.3)
      compass (>= 0.10.0)
      haml (>= 3.0.0)
    mechanize (1.0.0)
      nokogiri (>= 1.2.1)
    mime-types (1.16)
    mysql (2.7)
    net-scp (1.0.4)
      net-ssh (>= 1.99.1)
    net-sftp (2.0.5)
      net-ssh (>= 2.0.9)
    net-ssh (2.0.23)
    net-ssh-gateway (1.0.1)
      net-ssh (>= 1.99.1)
    nokogiri (1.3.2)
    paperclip (2.3.1.1)
    patron (0.4.2)
    rack (1.1.0)
    rack-test (0.5.6)
      rack (>= 1.0)
    rails (2.3.8)
      actionmailer (= 2.3.8)
      actionpack (= 2.3.8)
      activerecord (= 2.3.8)
      activeresource (= 2.3.8)
      activesupport (= 2.3.8)
      rake (>= 0.8.3)
    rails-test-serving (0.1.4.2)
    rake (0.8.7)
    riddle (1.1.0)
    rspec (1.3.0)
    rspec-rails (1.3.2)
      rack (>= 1.0.0)
      rspec (>= 1.3.0)
    rubyzip (0.9.1)
    seanhussey-woulda (0.2.2)
      thoughtbot-shoulda (>= 2.0.0)
    searchlogic (2.4.12)
      activerecord (>= 2.0.0)
    spork (0.7.5)
    stevedore (0.0.1)
      activesupport
    system_timer (1.0)
    term-ansicolor (1.0.5)
    thinking-sphinx (1.3.20)
      activerecord (>= 1.15.6, < 3.0.0)
      after_commit (>= 1.0.6)
      riddle (>= 1.0.10)
    thoughtbot-shoulda (2.11.1)
    thunder_punch (0.0.11)
      capistrano (>= 2.5.5)
    timecop (0.3.5)
    webrat (0.7.1)
      nokogiri (>= 1.2.0)
      rack (>= 1.0)
      rack-test (>= 0.5.3)
    will_paginate (2.3.14)
    xml-simple (1.0.12)
    ym4r (0.6.1)

PLATFORMS
  ruby

DEPENDENCIES
  active_hash (= 0.7.9)
  amatch (= 0.2.3)
  amazon-ec2
  authlogic (= 2.1.3)
  aws-s3 (= 0.6.2)
  bcrypt-ruby (= 2.1.2)
  ci_reporter (= 1.6.3)
  compass (= 0.10.1)
  compass-960-plugin (= 0.9.13)
  cucumber (= 0.9.2)
  curb (= 0.4.4.0)
  factory_girl (= 1.2.4)
  fastercsv (= 1.4.0)
  flickraw (= 0.8.1)
  floehopper-mocha
  formtastic (= 0.9.8)
  geokit (= 1.4.1)
  haml (= 3.0.4)
  hoptoad_notifier (= 2.1.3)
  icalendar
  jgre-monkeyspecdoc (= 0.9.5)
  json
  klarlack (= 0.0.6)
  lemonade (= 0.3.2)
  mechanize (= 1.0.0)
  mysql (= 2.7)
  net-scp (= 1.0.4)
  nokogiri (= 1.3.2)
  paperclip (= 2.3.1.1)
  patron (= 0.4.2)
  rails (= 2.3.8)
  rails-test-serving (= 0.1.4.2)
  rspec (= 1.3.0)
  rspec-rails (= 1.3.2)
  rubyzip (= 0.9.1)
  seanhussey-woulda
  searchlogic (= 2.4.12)
  spork (= 0.7.5)
  stevedore (= 0.0.1)
  system_timer (= 1.0.0)
  thinking-sphinx (= 1.3.20)
  thoughtbot-shoulda
  thunder_punch (= 0.0.11)
  timecop (= 0.3.5)
  webrat (= 0.7.1)
  will_paginate (= 2.3.14)
  ym4r (= 0.6.1)
